PATH
  remote: .
  specs:
    active_record_shards (1.0.1)
      activerecord (~> 2.3.5)

GEM
  remote: http://rubygems.org/
  specs:
    activerecord (2.3.10)
      activesupport (= 2.3.10)
    activesupport (2.3.10)
    columnize (0.3.1)
    linecache (0.43)
    mocha (0.9.9)
      rake
    mysql (2.8.1)
    rake (0.8.7)
    ruby-debug (0.10.3)
      columnize (>= 0.1)
      ruby-debug-base (~> 0.10.3.0)
    ruby-debug-base (0.10.3)
      linecache (>= 0.3)
    shoulda (2.11.3)

PLATFORMS
  ruby

DEPENDENCIES
  active_record_shards!
  activerecord (~> 2.3.5)
  bundler
  mocha
  mysql
  rake
  ruby-debug
  shoulda
